GEM
  remote: https://rubygems.org/
  specs:
    coderay (1.1.3)
    concurrent-ruby (1.2.2)
    faker (3.2.1)
      i18n (>= 1.8.11, < 2)
    i18n (1.14.1)
      concurrent-ruby (~> 1.0)
    method_source (1.0.0)
    pry (0.14.2)
      coderay (~> 1.1)
      method_source (~> 1.0)
    vcard (0.3.0)

PLATFORMS
  x86_64-darwin-21

DEPENDENCIES
  faker
  pry
  vcard

BUNDLED WITH
   2.4.20
